GEM
  remote: https://rubygems.org/
  specs:
    haml (3.1.7)
    rake (10.0.2)
    redcarpet (2.1.1)
    rouge (1.1.0)
    sass (3.2.1)

PLATFORMS
  ruby

DEPENDENCIES
  haml
  rake
  redcarpet
  rouge
  sass
